PATH
  remote: .
  specs:
    transformers (0.0.1)

GEM
  remote: http://rubygems.org/
  specs:

PLATFORMS
  ruby

DEPENDENCIES
  transformers!
